GEM
  remote: https://rubygems.org/
  specs:
    activesupport (4.2.5)
      i18n (~> 0.7)
      json (~> 1.7, >= 1.7.7)
      minitest (~> 5.1)
      thread_safe (~> 0.3, >= 0.3.4)
      tzinfo (~> 1.1)
    aws-sdk-v1 (1.66.0)
      json (~> 1.4)
      nokogiri (>= 1.4.4)
    claide (0.9.1)
    cocoapods (0.39.0)
      activesupport (>= 4.0.2)
      claide (~> 0.9.1)
      cocoapods-core (= 0.39.0)
      cocoapods-downloader (~> 0.9.3)
      cocoapods-plugins (~> 0.4.2)
      cocoapods-search (~> 0.1.0)
      cocoapods-stats (~> 0.6.2)
      cocoapods-trunk (~> 0.6.4)
      cocoapods-try (~> 0.5.1)
      colored (~> 1.2)
      escape (~> 0.0.4)
      molinillo (~> 0.4.0)
      nap (~> 1.0)
      xcodeproj (~> 0.28.2)
    cocoapods-core (0.39.0)
      activesupport (>= 4.0.2)
      fuzzy_match (~> 2.0.4)
      nap (~> 1.0)
    cocoapods-downloader (0.9.3)
    cocoapods-plugins (0.4.2)
      nap
    cocoapods-search (0.1.0)
    cocoapods-stats (0.6.2)
    cocoapods-trunk (0.6.4)
      nap (>= 0.8, < 2.0)
      netrc (= 0.7.8)
    cocoapods-try (0.5.1)
    colored (1.2)
    escape (0.0.4)
    fui (0.3.0)
      gli
    fuzzy_match (2.0.4)
    gli (2.13.4)
    i18n (0.7.0)
    json (1.8.3)
    mini_portile (0.6.2)
    minitest (5.8.3)
    molinillo (0.4.0)
    mustache (0.99.8)
    nap (1.0.0)
    netrc (0.7.8)
    nokogiri (1.6.6.4)
      mini_portile (~> 0.6.0)
    rouge (1.10.1)
    second_curtain (0.2.4)
      aws-sdk-v1 (~> 1.52)
      mustache (~> 0.99)
    thread_safe (0.3.5)
    tzinfo (1.2.2)
      thread_safe (~> 0.1)
    xcodeproj (0.28.2)
      activesupport (>= 3)
      claide (~> 0.9.1)
      colored (~> 1.2)
    xcpretty (0.2.1)
      rouge (~> 1.8)

PLATFORMS
  ruby

DEPENDENCIES
  cocoapods (= 0.39.0)
  fui (~> 0.3.0)
  second_curtain (~> 0.2.3)
  xcpretty

BUNDLED WITH
   1.10.6
